GIT
  remote: https://github.com/generoi/capistrano-tasks.git
  revision: db30fc11ea510f29a638dc1024db48c5adbb98da
  specs:
    capistrano-genero (1.0.0)
      capistrano (>= 3.1)

GEM
  remote: https://rubygems.org/
  specs:
    capistrano (3.2.1)
      i18n
      rake (>= 10.0.0)
      sshkit (~> 1.3)
    capistrano-composer (0.0.6)
      capistrano (>= 3.0.0.pre)
    capistrano-nc (0.1.4)
      capistrano (~> 3.0)
      terminal-notifier (~> 1.6)
    capistrano-ssh-doctor (1.0.0)
      capistrano (>= 3.1)
    i18n (0.7.0)
    net-scp (1.2.1)
      net-ssh (>= 2.6.5)
    net-ssh (3.2.0)
    rake (12.0.0)
    sshkit (1.11.4)
      net-scp (>= 1.1.2)
      net-ssh (>= 2.8.0)
    terminal-notifier (1.7.1)

PLATFORMS
  ruby

DEPENDENCIES
  capistrano (~> 3.2.0)
  capistrano-composer
  capistrano-genero!
  capistrano-nc (~> 0.1)
  capistrano-ssh-doctor (~> 1.0)

BUNDLED WITH
   1.11.2
